{
  "AcquisitionMatrixPE": 256,
  "AcquisitionNumber": 1,
  "AcquisitionTime": "19:15:35.000000",
  "CoilString": "32Ch_Head",
  "ConversionSoftware": "dcm2niix",
  "ConversionSoftwareVersion": "v1.0.20190410  GCC6.3.0",
  "DeviceSerialNumber": "000000000000GEHC",
  "EchoTime": 0.00318,
  "FlipAngle": 12,
  "ImageOrientationPatientDICOM": [0, 1, 0, 0, 0, -1],
  "ImageType": [
    "ORIGINAL",
    "PRIMARY",
    "OTHER"
],
  "ImagingFrequency": 127.772,
  "InPlanePhaseEncodingDirectionDICOM": "ROW",
  "InstitutionName": "INSTITUTO_DE_NEUROBIOLOGIA",
  "InversionTime": 0.45,
  "MRAcquisitionType": "3D",
  "MagneticFieldStrength": 3,
  "Manufacturer": "GE",
  "ManufacturersModelName": "DISCOVERY_MR750",
  "Modality": "MR",
  "PatientPosition": "HFS",
  "PercentPhaseFOV": 100,
  "PixelBandwidth": 244.141,
  "ProcedureStepDescription": "EEG_FMRI",
  "ProtocolName": "Sag_T1_FSPGR_BRAVO",
  "ReconMatrixPE": 256,
  "RepetitionTime": 0.008156,
  "SAR": 0.231456,
  "ScanOptions": "FAST_GEMS_EDR_GEMS_FILTERED_GEMS_ACC_GEMS",
  "ScanningSequence": "GR",
  "SequenceVariant": "SS_SP_SK",
  "SeriesDescription": "Sag_T1_FSPGR_BRAVO",
  "SeriesNumber": 8,
  "SliceThickness": 1,
  "SoftwareVersions": "24_LX_MR_Software_release:DV24.0_R02_1607.b",
  "SpacingBetweenSlices": 1,
  "StationName": "GEHCGEHC",
  "dcmmeta_affine": [
    [1.0, 0.0, 0.0, -87.5],
    [0.0, 1.0, 0.0, -104.23100280761719],
    [0.0, 0.0, 1.0, -137.35699462890625],
    [0.0, 0.0, 0.0, 1.0]
],
  "dcmmeta_reorient_transform": [
    [0.0, 0.0, -1.0, 255.0],
    [0.0, -1.0, 0.0, 255.0],
    [-1.0, 0.0, 0.0, 175.0],
    [0.0, 0.0, 0.0, 1.0]
],
  "dcmmeta_shape": [176, 256, 256],
  "dcmmeta_slice_dim": 0,
  "dcmmeta_version": 0.6,
  "global": {
    "const": {
      "AcquisitionMatrix": [0, 256, 256, 0],
      "AcquisitionNumber": 1,
      "AcquisitionTime": "191535",
      "AngioFlag": "N",
      "BitsAllocated": 16,
      "BitsStored": 16,
      "CardiacNumberOfImages": 0,
      "Columns": 256,
      "ContentTime": "191535",
      "EchoNumbers": 1,
      "EchoTime": 3.18,
      "EchoTrainLength": 1,
      "FlipAngle": 12.0,
      "GroupLength_0X10_0X0": 88,
      "GroupLength_0X18_0X0": 490,
      "GroupLength_0X28_0X0": 146,
      "GroupLength_0X40_0X0": 98,
      "GroupLength_0X7FE0_0X0": 131080,
      "GroupLength_0X8_0X0": 984,
      "HeartRate": 0,
      "HighBit": 15,
      "ImageOrientationPatient": [-0.0, 1.0, 0.0, -0.0, -0.0, -1.0],
      "ImageType": [
        "ORIGINAL",
        "PRIMARY",
        "OTHER"
],
      "ImagedNucleus": "1H",
      "ImagesInAcquisition": 176,
      "ImagingFrequency": 127.771756,
      "InPlanePhaseEncodingDirection": "ROW",
      "InversionTime": 450.0,
      "MRAcquisitionType": "3D",
      "MagneticFieldStrength": 3.0,
      "Manufacturer": "GE MEDICAL SYSTEMS",
      "ManufacturerModelName": "DISCOVERY MR750",
      "Modality": "MR",
      "NumberOfAverages": 1.0,
      "PercentPhaseFieldOfView": 100.0,
      "PercentSampling": 100.0,
      "PerformedLocation": "GEHC",
      "PerformedProcedureStepStartTime": "182106",
      "PhotometricInterpretation": "MONOCHROME2",
      "PixelBandwidth": 244.141,
      "PixelRepresentation": 1,
      "PixelSpacing": [1.0, 1.0],
      "ProtocolName": "EEG FMRI",
      "ReceiveCoilName": "32Ch Head",
      "ReconstructionDiameter": 256.0,
      "ReferencedPerformedProcedureStepSequence": [
        {
          "GroupLength": 100,
          "ReferencedSOPClassUID": "1.2.840.10008.3.1.2.3.3",
          "ReferencedSOPInstanceUID": "1.2.840.113619.6.353.252911637791469584341277679946732133542"}
],
      "RepetitionTime": 8.156,
      "Rows": 256,
      "SAR": 0.231456,
      "SamplesPerPixel": 1,
      "ScanOptions": [
        "FAST_GEMS",
        "EDR_GEMS",
        "FILTERED_GEMS",
        "ACC_GEMS"
],
      "ScanningSequence": "GR",
      "SequenceVariant": [
        "SS",
        "SP",
        "SK"
],
      "SeriesDescription": "Sag_T1_FSPGR_BRAVO",
      "SeriesNumber": 8,
      "SeriesTime": "191535",
      "SliceThickness": 1.0,
      "SmallestImagePixelValue": 0,
      "SoftwareVersions": [
 "24",
        "LX",
        "MR Software release:DV24.0_R02_1607.b"
],
      "SpacingBetweenSlices": 1.0,
      "SpecificCharacterSet": "ISO_IR 100",
      "StackID": "1",
      "StudyID": "14397",
      "StudyTime": "183334",
      "TriggerWindow": 0,
      "VariableFlipAngleFlag": "N"
    },
