{
  "AcquisitionMatrixPE": 64,
  "AcquisitionNumber": 1,
  "CogAtlasID": "TODO",
  "CoilString": "32Ch_Head",
  "ConversionSoftware": "dcm2niix",
  "ConversionSoftwareVersion": "v1.0.20190410  GCC6.3.0",
  "DeviceSerialNumber": "000000000000GEHC",
  "EchoTime": 0.04,
  "FlipAngle": 90,
  "ImageOrientationPatientDICOM": [1, 0, 0, 0, 1, 0],
  "ImageType": [
    "ORIGINAL",
    "PRIMARY",
    "EPI",
    "NONE"
],
  "ImagingFrequency": 127.772,
  "InstitutionName": "INSTITUTO_DE_NEUROBIOLOGIA",
  "MRAcquisitionType": "2D",
  "MagneticFieldStrength": 3,
  "Manufacturer": "GE",
  "ManufacturersModelName": "DISCOVERY_MR750",
  "Modality": "MR",
  "PatientPosition": "HFS",
  "PhaseEncodingPolarityGE": "Flipped",
  "PixelBandwidth": 7812.5,
  "ProtocolName": "fMRI_Resting_10_min",
  "ReconMatrixPE": 64,
  "RepetitionTime": 2,
  "ScanOptions": "EPI_GEMS_ACC_GEMS",
  "ScanningSequence": "EP_GR",
  "SequenceVariant": "SS",
  "SeriesDescription": "fMRI_Resting_10_min",
  "SliceThickness": 4,
  "SliceTiming": [0, 1.0285, 0.0571001, 1.0857, 0.1142, 1.1428, 0.1714, 1.2, 0.2285, 1.2571, 0.2857, 1.3143, 0.3428, 1.3714, 0.4, 1.4286, 0.4571, 1.4857, 0.5142, 1.5428, 0.5714, 1.6, 0.6285, 1.6571, 0.6857, 1.7143, 0.7428, 1.7714, 0.8, 1.8285, 0.8571, 1.8857, 0.9143, 1.9428, 0.9714],
  "SoftwareVersions": "24_LX_MR_Software_release:DV24.0_R02_1607.b",
  "SpacingBetweenSlices": 4,
  "StationName": "GEHCGEHC",
  "TaskName": "Eyes closed resting state"
}
